GEM
  remote: http://rubygems.org/
  specs:
    capistrano (2.13.4)
      highline
      net-scp (>= 1.0.0)
      net-sftp (>= 2.0.0)
      net-ssh (>= 2.0.14)
      net-ssh-gateway (>= 1.1.0)
    capistrano-ext (1.2.1)
      capistrano (>= 1.0.0)
    foreman (0.57.0)
      thor (>= 0.13.6)
    highline (1.6.15)
    net-scp (1.0.4)
      net-ssh (>= 1.99.1)
    net-sftp (2.0.5)
      net-ssh (>= 2.0.9)
    net-ssh (2.5.2)
    net-ssh-gateway (1.1.0)
      net-ssh (>= 1.99.1)
    rvm-capistrano (1.2.7)
      capistrano (>= 2.0.0)
    thor (0.16.0)

PLATFORMS
  ruby

DEPENDENCIES
  capistrano
  capistrano-ext
  foreman (~> 0.57.0)
  rvm-capistrano
