GEM
  remote: http://rubygems.org/
  specs:
    archive-tar-minitar (0.5.2)
    capistrano (2.12.0)
      highline
      net-scp (>= 1.0.0)
      net-sftp (>= 2.0.0)
      net-ssh (>= 2.0.14)
      net-ssh-gateway (>= 1.1.0)
    capistrano-ext (1.2.1)
      capistrano (>= 1.0.0)
    erubis (2.7.0)
    ffi (0.6.3)
      rake (>= 0.8.7)
    foreman (0.56.0)
      thor (>= 0.13.6)
    highline (1.6.13)
    json (1.7.5)
    mario (0.0.6)
    net-scp (1.0.4)
      net-ssh (>= 1.99.1)
    net-sftp (2.0.5)
      net-ssh (>= 2.0.9)
    net-ssh (2.5.2)
    net-ssh-gateway (1.1.0)
      net-ssh (>= 1.99.1)
    rake (0.9.2.2)
    rvm-capistrano (1.2.5)
      capistrano (>= 2.0.0)
    thor (0.16.0)
    vagrant (0.5.4)
      archive-tar-minitar (= 0.5.2)
      erubis (>= 2.6.6)
      json (>= 1.4.3)
      mario (~> 0.0.6)
      net-scp (>= 1.0.2)
      net-ssh (>= 2.0.19)
      virtualbox (~> 0.7.3)
    virtualbox (0.7.9)
      ffi (~> 0.6.3)

PLATFORMS
  ruby

DEPENDENCIES
  capistrano
  capistrano-ext
  foreman
  rvm-capistrano
  vagrant
